PATH
  remote: ../sbsm
  specs:
    sbsm (1.3.6.pre.rc3)
      chrono_logger
      hpricot
      mail
      mimemagic
      rack

GEM
  remote: https://rubygems.org/
  specs:
    byebug (9.0.6)
    childprocess (0.6.2)
      ffi (~> 1.0, >= 1.0.11)
    chrono_logger (1.1.1)
    coderay (1.1.1)
    dbd-pg (0.3.9)
      dbi (>= 0.4.0)
      pg
    dbi (0.4.5)
      deprecated (= 2.0.1)
    deprecated (2.0.1)
    docile (1.1.5)
    ffi (1.9.18)
    flexmock (2.3.5)
    ftools (0.0.0)
    hpricot (0.8.6)
    htmlgrid (1.1.3)
      sbsm (>= 1.2.7)
    json (2.0.2)
    mail (2.6.4)
      mime-types (>= 1.16, < 4)
    method_source (0.8.2)
    mime-types (3.1)
      mime-types-data (~> 3.2015)
    mime-types-data (3.2016.0521)
    mimemagic (0.3.2)
    minitest (5.10.1)
    mysql2 (0.4.4)
    needle (1.3.0)
    odba (1.1.2)
      ydbd-pg (>= 0.5.1)
      ydbi (>= 0.5.1)
    pg (0.18.4)
    pry (0.10.4)
      coderay (~> 1.1.0)
      method_source (~> 0.8.1)
      slop (~> 3.4)
    pry-byebug (3.4.2)
      byebug (~> 9.0)
      pry (~> 0.10)
    rack (2.0.1)
    rack-test (0.6.3)
      rack (>= 1.0)
    rake (12.0.0)
    rclconf (1.0.0)
    rmagick (2.15.4)
    rubyzip (1.2.1)
    selenium-webdriver (3.3.0)
      childprocess (~> 0.5)
      rubyzip (~> 1.0)
      websocket (~> 1.0)
    simplecov (0.12.0)
      docile (~> 1.1.0)
      json (>= 1.8, < 3)
      simplecov-html (~> 0.10.0)
    simplecov-html (0.10.0)
    slop (3.6.0)
    watir (6.2.0)
      selenium-webdriver (~> 3.0)
    websocket (1.2.4)
    ydbd-pg (0.5.3)
      pg
      ydbi (>= 0.5.0)
    ydbi (0.5.3)
      deprecated (= 2.0.1)
    yus (1.0.1)

PLATFORMS
  ruby

DEPENDENCIES
  dbd-pg (= 0.3.9)
  dbi (~> 0.4.5)
  deprecated (= 2.0.1)
  flexmock
  ftools (= 0.0.0)
  htmlgrid (~> 1.1.3)
  mimemagic
  minitest
  mysql2 (= 0.4.4)
  needle (= 1.3.0)
  odba (~> 1.1.0)
  pg (= 0.18.4)
  pry-byebug
  rack-test
  rake
  rclconf (= 1.0.0)
  rmagick (~> 2.15.4)
  sbsm!
  simplecov
  watir
  yus (= 1.0.1)

BUNDLED WITH
   1.14.6
